PATH
  remote: ../speses
  specs:
    speses (0.2.0)
      erubis
      multi_json
      rack (~> 2.2)
      sqlite3

GEM
  remote: https://rubygems.org/
  specs:
    erubis (2.7.0)
    ffi (1.15.3)
    listen (3.5.1)
      rb-fsevent (~> 0.10, >= 0.10.3)
      rb-inotify (~> 0.9, >= 0.9.10)
    multi_json (1.15.0)
    rack (2.2.3)
    rb-fsevent (0.11.0)
    rb-inotify (0.10.1)
      ffi (~> 1.0)
    rerun (0.13.1)
      listen (~> 3.0)
    sqlite3 (1.4.2)

PLATFORMS
  ruby

DEPENDENCIES
  rerun
  speses!

BUNDLED WITH
   2.1.4
