GEM
  remote: https://rubygems.org/
  specs:
    erubis (2.7.0)
    multi_json (1.15.0)
    rack (2.2.3)
    rulers (0.2.0)
      erubis
      multi_json
      rack (~> 2.2)
      sqlite3
    sqlite3 (1.4.2)

PLATFORMS
  ruby

DEPENDENCIES
  rulers

BUNDLED WITH
   2.1.4
